PATH
  remote: .
  specs:
    tallakt-machines (0.0.1)
      eventmachine
      rbtree

GEM
  remote: http://rubygems.org/
  specs:
    em-spec (0.2.1)
    eventmachine (0.12.10)
    rbtree (0.3.0)
    rspec (1.3.1)

PLATFORMS
  ruby

DEPENDENCIES
  em-spec
  eventmachine
  rbtree
  rspec (~> 1.3)
  tallakt-machines!
